GEM
  remote: http://rubygems.org/
  specs:
    badfruit (1.1.2)
      httparty
      json
    coderay (1.0.6)
    daemons (1.1.8)
    eventmachine (0.12.10)
    google_showtimes (1.1.0)
      nokogiri (>= 1.4.1)
    httparty (0.8.3)
      multi_json (~> 1.0)
      multi_xml
    json (1.6.6)
    method_source (0.7.1)
    multi_json (1.3.2)
    multi_xml (0.4.4)
    nokogiri (1.5.2)
    pry (0.9.9.4)
      coderay (~> 1.0.5)
      method_source (~> 0.7.1)
      slop (>= 2.4.4, < 3)
    pry-nav (0.2.1)
      pry (~> 0.9.9)
    rack (1.4.1)
    rack-protection (1.2.0)
      rack
    sinatra (1.3.2)
      rack (~> 1.3, >= 1.3.6)
      rack-protection (~> 1.2)
      tilt (~> 1.3, >= 1.3.3)
    sinatra-flash (0.3.0)
      sinatra (>= 1.0.0)
    sinatra-redirect-with-flash (0.2.0)
      sinatra (>= 1.0.0)
    slop (2.4.4)
    thin (1.3.1)
      daemons (>= 1.0.9)
      eventmachine (>= 0.12.6)
      rack (>= 1.0.0)
    tilt (1.3.3)

PLATFORMS
  ruby

DEPENDENCIES
  badfruit
  google_showtimes
  pry
  pry-nav
  sinatra
  sinatra-flash
  sinatra-redirect-with-flash
  thin
